GIT
  remote: git://github.com/concord-consortium/capistrano-autoscaling.git
  revision: 49d6bff5002d188495bec53996b9bdbaa5b4a01f
  branch: concord
  specs:
    capistrano-autoscaling (0.0.8.5)
      aws-sdk (>= 1.5.4)
      capistrano (< 3)

GIT
  remote: git://github.com/concord-consortium/ribbons-rails.git
  revision: 8e5f5701f53ad2026c3cafb0d2bc49b2d172a69d
  specs:
    ribbons-rails (0.0.1)
      railties

GIT
  remote: git://github.com/concord-consortium/sketchily.git
  revision: 29f0a66659692d606d8698038a4159217d635380
  branch: concord
  specs:
    sketchily (1.5.0)
      jquery-rails
      nokogiri
      rails (>= 3.1)

GIT
  remote: git://github.com/lostapathy/yaml_db.git
  revision: 98e9a5dca43e3fedd3268c76a73af40d1bdf1dfd
  specs:
    yaml_db (0.2.2)

GIT
  remote: git://github.com/pjmorse/jeditable-wysiwyg-rails.git
  revision: 0972124be34918b04509ab4c8c37f913c105faa9
  specs:
    jeditable_wysiwyg_rails (0.3.12)
      jeditable_wysiwyg_rails
      jquery-rails
      rails (~> 3.2.0)

GIT
  remote: https://github.com/intridea/omniauth-oauth2.git
  revision: a88f9c86dff747f77813f09848e65b61aa1af3e3
  specs:
    omniauth-oauth2 (1.1.1)
      oauth2 (~> 0.9.0)
      omniauth (~> 1.0)

GEM
  remote: https://rubygems.org/
  remote: https://rails-assets.org/
  specs:
    actionmailer (3.2.19)
      actionpack (= 3.2.19)
      mail (~> 2.5.4)
    actionpack (3.2.19)
      activemodel (= 3.2.19)
      activesupport (= 3.2.19)
      builder (~> 3.0.0)
      erubis (~> 2.7.0)
      journey (~> 1.0.4)
      rack (~> 1.4.5)
      rack-cache (~> 1.2)
      rack-test (~> 0.6.1)
      sprockets (~> 2.2.1)
    activemodel (3.2.19)
      activesupport (= 3.2.19)
      builder (~> 3.0.0)
    activerecord (3.2.19)
      activemodel (= 3.2.19)
      activesupport (= 3.2.19)
      arel (~> 3.0.2)
      tzinfo (~> 0.3.29)
    activeresource (3.2.19)
      activemodel (= 3.2.19)
      activesupport (= 3.2.19)
    activesupport (3.2.19)
      i18n (~> 0.6, >= 0.6.4)
      multi_json (~> 1.0)
    acts_as_list (0.3.0)
      activerecord (>= 3.0)
    addressable (2.3.6)
    arel (3.0.3)
    aws-sdk (1.59.0)
      aws-sdk-v1 (= 1.59.0)
    aws-sdk-v1 (1.59.0)
      json (~> 1.4)
      nokogiri (>= 1.4.4)
    aws-ses (0.5.0)
      builder
      mail (> 2.2.5)
      mime-types
      xml-simple
    bcrypt-ruby (3.1.2)
    better_errors (1.1.0)
      coderay (>= 1.0.0)
      erubis (>= 2.6.6)
    binding_of_caller (0.7.2)
      debug_inspector (>= 0.0.1)
    brakeman (2.4.1)
      erubis (~> 2.6)
      fastercsv (~> 1.5)
      haml (>= 3.0, < 5.0)
      highline (~> 1.6.20)
      multi_json (~> 1.2)
      ruby2ruby (~> 2.0.5)
      ruby_parser (~> 3.4.0)
      sass (~> 3.0)
      slim (>= 1.3.6, < 3.0)
      terminal-table (~> 1.4)
    builder (3.0.4)
    bullet (4.7.1)
      activesupport
      uniform_notifier (>= 1.4.0)
    cancancan (1.10.1)
    capistrano (2.15.5)
      highline
      net-scp (>= 1.0.0)
      net-sftp (>= 2.0.0)
      net-ssh (>= 2.0.14)
      net-ssh-gateway (>= 1.1.0)
    capistrano-cowboy (0.1.2)
      capistrano
    capybara (2.4.4)
      mime-types (>= 1.16)
      nokogiri (>= 1.3.3)
      rack (>= 1.0.0)
      rack-test (>= 0.5.4)
      xpath (~> 2.0)
    celluloid (0.15.2)
      timers (~> 1.1.0)
    childprocess (0.5.5)
      ffi (~> 1.0, >= 1.0.11)
    chosen-rails (1.0.1)
      coffee-rails (>= 3.2)
      compass-rails (>= 1.0)
      railties (>= 3.0)
      sass-rails (>= 3.2)
    chunky_png (1.2.9)
    ci_reporter (1.7.3)
      builder (>= 2.1.2)
    cliver (0.3.2)
    coderay (1.1.0)
    coffee-rails (3.2.2)
      coffee-script (>= 2.2.0)
      railties (~> 3.2.0)
    coffee-script (2.2.0)
      coffee-script-source
      execjs
    coffee-script-source (1.6.3)
    columnize (0.3.6)
    compass (0.12.2)
      chunky_png (~> 1.2)
      fssm (>= 0.2.7)
      sass (~> 3.1)
    compass-rails (1.0.3)
      compass (>= 0.12.2, < 0.14)
    crack (0.4.1)
      safe_yaml (~> 0.9.0)
    daemons (1.1.9)
    debug_inspector (0.0.2)
    debugger (1.6.2)
      columnize (>= 0.3.1)
      debugger-linecache (~> 1.2.0)
      debugger-ruby_core_source (~> 1.2.3)
    debugger-linecache (1.2.0)
    debugger-ruby_core_source (1.2.3)
    default_value_for (2.0.3)
    delayed_job (4.0.0)
      activesupport (>= 3.0, < 4.1)
    delayed_job_active_record (4.0.0)
      activerecord (>= 3.0, < 4.1)
      delayed_job (>= 3.0, < 4.1)
    delayed_job_web (1.2.5)
      activerecord (> 3.0.0)
      delayed_job (> 2.0.3)
      sinatra (>= 0.9.2)
    devise (3.0.1)
      bcrypt-ruby (~> 3.0)
      orm_adapter (~> 0.1)
      railties (>= 3.2.6, < 5)
      warden (~> 1.2.3)
    diff-lcs (1.2.5)
    dynamic_form (1.1.4)
    erubis (2.7.0)
    exception_notification (4.0.1)
      actionmailer (>= 3.0.4)
      activesupport (>= 3.0.4)
    execjs (2.0.2)
    factory_girl (4.3.0)
      activesupport (>= 3.0.0)
    factory_girl_rails (4.3.0)
      factory_girl (~> 4.3.0)
      railties (>= 3.0.0)
    faker (1.2.0)
      i18n (~> 0.5)
    faraday (0.8.8)
      multipart-post (~> 1.2.0)
    fastercsv (1.5.5)
    ffi (1.9.6)
    font-awesome-rails (4.0.3.0)
      railties (>= 3.2, < 5.0)
    formatador (0.2.4)
    fssm (0.2.10)
    fuubar (2.0.0)
      rspec (~> 3.0)
      ruby-progressbar (~> 1.4)
    gon (5.2.3)
      actionpack (>= 2.3.0)
      json
      multi_json
      request_store (>= 1.0.5)
    guard (2.2.4)
      formatador (>= 0.2.4)
      listen (~> 2.1)
      lumberjack (~> 1.0)
      pry (>= 0.9.12)
      thor (>= 0.18.1)
    guard-jasmine (1.18.3)
      childprocess
      guard (>= 1.1.0)
      multi_json
      thor
      tilt
    guard-rspec (1.2.1)
      guard (>= 1.1)
    haml (4.0.5)
      tilt
    hashie (2.0.5)
    highline (1.6.21)
    hike (1.2.3)
    httparty (0.12.0)
      json (~> 1.8)
      multi_xml (>= 0.5.2)
    httpauth (0.2.0)
    i18n (0.7.0)
    jasmine (2.2.0)
      jasmine-core (~> 2.2)
      phantomjs
      rack (>= 1.2.1)
      rake
    jasmine-core (2.2.0)
    jasmine-jquery-rails (2.0.3)
    journey (1.0.4)
    jquery-rails (3.0.4)
      railties (>= 3.0, < 5.0)
      thor (>= 0.14, < 2.0)
    jquery-ui-rails (4.1.0)
      railties (>= 3.1.0)
    json (1.8.2)
    jwt (0.1.8)
      multi_json (>= 1.5)
    launchy (2.4.0)
      addressable (~> 2.3)
    libv8 (3.16.14.7)
    listen (2.2.0)
      celluloid (>= 0.15.2)
      rb-fsevent (>= 0.9.3)
      rb-inotify (>= 0.9)
    lol_dba (1.6.0)
      actionpack (>= 3.0)
      activerecord (>= 3.0)
      railties (>= 3.0)
    lumberjack (1.0.4)
    mail (2.5.4)
      mime-types (~> 1.16)
      treetop (~> 1.4.8)
    method_source (0.8.2)
    mime-types (1.25.1)
    mini_portile (0.6.2)
    multi_json (1.10.1)
    multi_xml (0.5.5)
    multipart-post (1.2.0)
    mysql2 (0.3.14)
    nested_form (0.3.2)
    net-scp (1.1.2)
      net-ssh (>= 2.6.5)
    net-sftp (2.1.2)
      net-ssh (>= 2.6.5)
    net-ssh (2.7.0)
    net-ssh-gateway (1.2.0)
      net-ssh (>= 2.6.5)
    newrelic_rpm (3.9.3.241)
    nokogiri (1.6.6.2)
      mini_portile (~> 0.6.0)
    oauth2 (0.9.2)
      faraday (~> 0.8)
      httpauth (~> 0.2)
      jwt (~> 0.1.4)
      multi_json (~> 1.0)
      multi_xml (~> 0.5)
      rack (~> 1.2)
    omniauth (1.1.4)
      hashie (>= 1.2, < 3)
      rack
    orm_adapter (0.5.0)
    phantomjs (1.9.8.0)
    poltergeist (1.5.1)
      capybara (~> 2.1)
      cliver (~> 0.3.1)
      multi_json (~> 1.0)
      websocket-driver (>= 0.2.0)
    polyglot (0.3.5)
    pry (0.9.12.3)
      coderay (~> 1.0)
      method_source (~> 0.8)
      slop (~> 3.4)
    pry-debugger (0.2.2)
      debugger (~> 1.3)
      pry (~> 0.9.10)
    pry-stack_explorer (0.4.9.1)
      binding_of_caller (>= 0.7)
      pry (>= 0.9.11)
    rack (1.4.5)
    rack-cache (1.2)
      rack (>= 0.4)
    rack-environmental (1.3.1)
      rack-plastic (>= 0.1.1)
    rack-mini-profiler (0.9.2)
      rack (>= 1.1.3)
    rack-plastic (0.1.3)
      nokogiri (~> 1.4)
      rack (~> 1.0)
    rack-protection (1.5.3)
      rack
    rack-ssl (1.3.4)
      rack
    rack-test (0.6.3)
      rack (>= 1.0)
    rails (3.2.19)
      actionmailer (= 3.2.19)
      actionpack (= 3.2.19)
      activerecord (= 3.2.19)
      activeresource (= 3.2.19)
      activesupport (= 3.2.19)
      bundler (~> 1.0)
      railties (= 3.2.19)
    rails-assets-drawing-tool (1.2.3)
      rails-assets-eventemitter2 (= 0.4.14)
      rails-assets-fabric (= 1.4.11)
      rails-assets-hammerjs (= 2.0.0)
      rails-assets-jquery (= 2.1.1)
    rails-assets-eventemitter2 (0.4.14)
    rails-assets-fabric (1.4.11)
    rails-assets-hammerjs (2.0.0)
    rails-assets-jquery (2.1.1)
    rails-assets-shutterbug (0.5.4)
      rails-assets-jquery (>= 1.10.1)
    railties (3.2.19)
      actionpack (= 3.2.19)
      activesupport (= 3.2.19)
      rack-ssl (~> 1.3.2)
      rake (>= 0.8.7)
      rdoc (~> 3.4)
      thor (>= 0.14.6, < 2.0)
    rake (10.4.2)
    rb-fsevent (0.9.3)
    rb-inotify (0.9.2)
      ffi (>= 0.5.0)
    rdoc (3.12.2)
      json (~> 1.4)
    ref (1.0.5)
    request-log-analyzer (1.12.10)
    request_store (1.1.0)
    rspec (3.1.0)
      rspec-core (~> 3.1.0)
      rspec-expectations (~> 3.1.0)
      rspec-mocks (~> 3.1.0)
    rspec-activemodel-mocks (1.0.1)
      activemodel (>= 3.0)
      activesupport (>= 3.0)
      rspec-mocks (>= 2.99, < 4.0)
    rspec-core (3.1.7)
      rspec-support (~> 3.1.0)
    rspec-expectations (3.1.2)
      diff-lcs (>= 1.2.0, < 2.0)
      rspec-support (~> 3.1.0)
    rspec-mocks (3.1.3)
      rspec-support (~> 3.1.0)
    rspec-rails (3.1.0)
      actionpack (>= 3.0)
      activesupport (>= 3.0)
      railties (>= 3.0)
      rspec-core (~> 3.1.0)
      rspec-expectations (~> 3.1.0)
      rspec-mocks (~> 3.1.0)
      rspec-support (~> 3.1.0)
    rspec-support (3.1.2)
    ruby-progressbar (1.7.1)
    ruby2ruby (2.0.7)
      ruby_parser (~> 3.1)
      sexp_processor (~> 4.0)
    ruby_parser (3.4.1)
      sexp_processor (~> 4.1)
    safe_yaml (0.9.7)
    sass (3.2.14)
    sass-rails (3.2.6)
      railties (~> 3.2.0)
      sass (>= 3.1.10)
      tilt (~> 1.3)
    sexp_processor (4.4.1)
    sextant (0.2.4)
      rails (>= 3.2)
    sinatra (1.4.5)
      rack (~> 1.4)
      rack-protection (~> 1.4)
      tilt (~> 1.3, >= 1.3.4)
    slim (2.0.2)
      temple (~> 0.6.6)
      tilt (>= 1.3.3, < 2.1)
    slop (3.4.7)
    spring (1.2.0)
    spring-commands-rspec (1.0.4)
      spring (>= 0.9.1)
    sprockets (2.2.3)
      hike (~> 1.2)
      multi_json (~> 1.0)
      rack (~> 1.0)
      tilt (~> 1.1, != 1.3.0)
    sqlite3 (1.3.8)
    temple (0.6.7)
    terminal-table (1.4.5)
    therubyracer (0.12.0)
      libv8 (~> 3.16.14.0)
      ref
    thor (0.19.1)
    tilt (1.4.1)
    timecop (0.6.3)
    timers (1.1.0)
    treetop (1.4.15)
      polyglot
      polyglot (>= 0.3.1)
    turbo-sprockets-rails3 (0.3.10)
      railties (> 3.2.8, < 4.0.0)
      sprockets (>= 2.0.0)
    tzinfo (0.3.41)
    uglifier (2.3.1)
      execjs (>= 0.3.0)
      json (>= 1.8.0)
    uniform_notifier (1.4.0)
    useragent (0.10.0)
    uuidtools (2.1.4)
    warden (1.2.3)
      rack (>= 1.0)
    webmock (1.20.4)
      addressable (>= 2.3.6)
      crack (>= 0.3.2)
    websocket-driver (0.5.1)
      websocket-extensions (>= 0.1.0)
    websocket-extensions (0.1.1)
    will_paginate (3.0.7)
    xml-simple (1.1.3)
    xpath (2.0.0)
      nokogiri (~> 1.3)
    xray-rails (0.1.12)
      coffee-rails
      rails (>= 3.1.0)

PLATFORMS
  ruby

DEPENDENCIES
  acts_as_list
  aws-ses (~> 0.5.0)
  better_errors
  binding_of_caller
  brakeman
  bullet
  cancancan
  capistrano
  capistrano-autoscaling (= 0.0.8.5)!
  capistrano-cowboy
  capybara
  chosen-rails
  ci_reporter (~> 1.7.0)
  coffee-rails
  compass-rails
  daemons
  default_value_for
  delayed_job_active_record
  delayed_job_web (= 1.2.5)
  devise
  dynamic_form
  exception_notification
  factory_girl_rails
  faker
  font-awesome-rails
  fuubar
  gon
  guard-jasmine
  guard-rspec
  haml
  highline
  httparty
  jasmine
  jasmine-jquery-rails
  jeditable_wysiwyg_rails!
  jquery-rails
  jquery-ui-rails
  launchy
  lol_dba
  multi_json
  mysql2
  nested_form
  newrelic_rpm
  omniauth
  omniauth-oauth2!
  poltergeist
  pry
  pry-debugger
  pry-stack_explorer
  rack-environmental
  rack-mini-profiler
  rails (~> 3.2.19)
  rails-assets-drawing-tool (= 1.2.3)
  rails-assets-shutterbug (= 0.5.4)
  rb-fsevent
  request-log-analyzer
  ribbons-rails!
  rspec-activemodel-mocks
  rspec-rails (~> 3.1.0)
  safe_yaml (~> 0.9.5)
  sass-rails
  sextant
  sketchily!
  spring-commands-rspec
  sqlite3
  therubyracer
  timecop
  turbo-sprockets-rails3
  uglifier (>= 1.0.3)
  useragent
  uuidtools
  webmock
  will_paginate (~> 3.0)
  xray-rails
  yaml_db!
